PATH
  remote: .
  specs:
    alchemy-flux (1.6.0)
      amqp (~> 1.8)
      eventmachine (~> 1.2)
      rack (~> 3.1)
      rackup (~> 2.1)
      uuidtools (~> 2.1)

GEM
  remote: https://rubygems.org/
  specs:
    amq-protocol (2.3.2)
    amqp (1.8.0)
      amq-protocol (>= 2.2.0)
      eventmachine
    bundler-audit (0.9.1)
      bundler (>= 1.2.0, < 3)
      thor (~> 1.0)
    diff-lcs (1.3)
    eventmachine (1.2.7)
    rack (3.1.4)
    rackup (2.1.0)
      rack (>= 3)
      webrick (~> 1.8)
    rake (12.3.3)
    rspec (3.8.0)
      rspec-core (~> 3.8.0)
      rspec-expectations (~> 3.8.0)
      rspec-mocks (~> 3.8.0)
    rspec-core (3.8.2)
      rspec-support (~> 3.8.0)
    rspec-expectations (3.8.6)
      diff-lcs (>= 1.2.0, < 2.0)
      rspec-support (~> 3.8.0)
    rspec-mocks (3.8.2)
      diff-lcs (>= 1.2.0, < 2.0)
      rspec-support (~> 3.8.0)
    rspec-support (3.8.3)
    thor (1.1.0)
    uuidtools (2.2.0)
    webrick (1.8.1)
    yard (0.9.36)

PLATFORMS
  ruby

DEPENDENCIES
  alchemy-flux!
  bundler-audit
  rake (~> 12.3)
  rspec (~> 3.8)
  rspec-mocks (~> 3.8)
  yard (~> 0.9)

BUNDLED WITH
   2.3.10
