PATH
  remote: .
  specs:
    alchemy-flux (1.3.0)
      amqp (~> 1.8)
      eventmachine (~> 1.2)
      rack (~> 2.0)
      uuidtools (~> 2.1)

GEM
  remote: https://rubygems.org/
  specs:
    amq-protocol (2.3.0)
    amqp (1.8.0)
      amq-protocol (>= 2.2.0)
      eventmachine
    diff-lcs (1.3)
    eventmachine (1.2.7)
    rack (2.0.5)
    rake (12.3.1)
    rspec (3.8.0)
      rspec-core (~> 3.8.0)
      rspec-expectations (~> 3.8.0)
      rspec-mocks (~> 3.8.0)
    rspec-core (3.8.0)
      rspec-support (~> 3.8.0)
    rspec-expectations (3.8.0)
      diff-lcs (>= 1.2.0, < 2.0)
      rspec-support (~> 3.8.0)
    rspec-mocks (3.8.0)
      diff-lcs (>= 1.2.0, < 2.0)
      rspec-support (~> 3.8.0)
    rspec-support (3.8.0)
    uuidtools (2.1.5)
    yard (0.9.15)

PLATFORMS
  ruby

DEPENDENCIES
  alchemy-flux!
  rake (~> 12.3)
  rspec (~> 3.8)
  rspec-mocks (~> 3.8)
  yard (~> 0.9)

BUNDLED WITH
   2.4.13
