PATH
  remote: .
  specs:
    alchemy-flux (1.2.0)
      amqp (~> 1.5)
      eventmachine (~> 1.0)
      rack (~> 2.0)
      uuidtools (~> 2.1)

GEM
  remote: https://rubygems.org/
  specs:
    amq-protocol (2.2.0)
    amqp (1.7.0)
      amq-protocol (>= 2.1.0)
      eventmachine
    diff-lcs (1.3)
    eventmachine (1.2.5)
    rack (2.0.3)
    rake (10.5.0)
    rspec (3.6.0)
      rspec-core (~> 3.6.0)
      rspec-expectations (~> 3.6.0)
      rspec-mocks (~> 3.6.0)
    rspec-core (3.6.0)
      rspec-support (~> 3.6.0)
    rspec-expectations (3.6.0)
      diff-lcs (>= 1.2.0, < 2.0)
      rspec-support (~> 3.6.0)
    rspec-mocks (3.6.0)
      diff-lcs (>= 1.2.0, < 2.0)
      rspec-support (~> 3.6.0)
    rspec-support (3.6.0)
    uuidtools (2.1.5)
    yard (0.9.12)

PLATFORMS
  ruby

DEPENDENCIES
  alchemy-flux!
  rake (~> 10.4)
  rspec (~> 3.4)
  rspec-mocks (~> 3.4)
  yard (~> 0.8)

BUNDLED WITH
   1.16.1
