PATH
  remote: .
  specs:
    alchemy-flux (0.1.0)
      amqp (~> 1.5)
      eventmachine (~> 1.0)
      msgpack (~> 0.7)
      rack (~> 1.6)
      uuidtools (~> 2.1)

GEM
  remote: https://rubygems.org/
  specs:
    amq-protocol (1.9.2)
    amqp (1.5.1)
      amq-protocol (~> 1.9)
      eventmachine
    diff-lcs (1.2.5)
    eventmachine (1.0.9.1)
    msgpack (0.7.4)
    rack (1.6.4)
    rake (10.5.0)
    rspec (3.4.0)
      rspec-core (~> 3.4.0)
      rspec-expectations (~> 3.4.0)
      rspec-mocks (~> 3.4.0)
    rspec-core (3.4.1)
      rspec-support (~> 3.4.0)
    rspec-expectations (3.4.0)
      diff-lcs (>= 1.2.0, < 2.0)
      rspec-support (~> 3.4.0)
    rspec-mocks (3.4.0)
      diff-lcs (>= 1.2.0, < 2.0)
      rspec-support (~> 3.4.0)
    rspec-support (3.4.1)
    uuidtools (2.1.5)
    yard (0.8.7.6)

PLATFORMS
  ruby

DEPENDENCIES
  alchemy-flux!
  rake (~> 10.4)
  rspec (~> 3.4)
  rspec-mocks (~> 3.4)
  yard (~> 0.8)

BUNDLED WITH
   1.10.6
